GEM
  remote: https://rubygems.org/
  specs:
    diff-lcs (1.1.3)
    rspec (2.11.0)
      rspec-core (~> 2.11.0)
      rspec-expectations (~> 2.11.0)
      rspec-mocks (~> 2.11.0)
    rspec-core (2.11.1)
    rspec-expectations (2.11.3)
      diff-lcs (~> 1.1.3)
    rspec-given (2.1.0)
      rspec (> 1.2.8)
    rspec-mocks (2.11.3)

PLATFORMS
  ruby

DEPENDENCIES
  rspec
  rspec-given (~> 2.1.0)

BUNDLED WITH
   2.3.4
